PATH
  remote: .
  specs:
    units (0.0.1)

GEM
  remote: https://rubygems.org/
  specs:
    power_assert (0.2.4)
    test-unit (3.1.5)
      power_assert

PLATFORMS
  ruby

DEPENDENCIES
  test-unit (~> 3.1.5)
  units!

BUNDLED WITH
   1.10.6
